PATH
  remote: .
  specs:
    nexpose (0.0.9)
      librex (>= 0.0.32)
      rex (>= 1.0.2)

GEM
  remote: https://rubygems.org/
  specs:
    colored (1.2)
    librex (0.0.65)
    rex (1.0.2)
    ruby_parser (2.3.1)
      sexp_processor (~> 3.0)
    sexp_processor (3.1.0)
    tomdoc (0.2.5)
      colored
      ruby_parser (>= 2.0.4)

PLATFORMS
  ruby

DEPENDENCIES
  nexpose!
  tomdoc
